GEM
  remote: https://rubygems.org/
  specs:
    aws-eventstream (1.0.3)
    aws-partitions (1.290.0)
    aws-sdk-core (3.92.0)
      aws-eventstream (~> 1.0, >= 1.0.2)
      aws-partitions (~> 1, >= 1.239.0)
      aws-sigv4 (~> 1.1)
      jmespath (~> 1.0)
    aws-sdk-xray (1.4.0)
      aws-sdk-core (~> 3)
      aws-sigv4 (~> 1.0)
    aws-sigv4 (1.1.1)
      aws-eventstream (~> 1.0, >= 1.0.2)
    aws-xray-sdk (0.11.3)
      aws-sdk-xray (~> 1.4.0)
      multi_json (~> 1)
    jmespath (1.4.0)
    multi_json (1.14.1)
    oj (3.10.5)

PLATFORMS
  ruby

DEPENDENCIES
  aws-xray-sdk
  oj

BUNDLED WITH
   2.1.2
